PATH
  remote: .
  specs:
    rack-webconsole (0.1.4)
      multi_json (~> 1.0.3)
      rack
      ripl (~> 0.5.1)
      ripl-multi_line (~> 0.3.0)

GEM
  remote: http://rubygems.org/
  specs:
    bluecloth (2.2.0)
    bond (0.4.1)
    metaclass (0.0.1)
    minitest (2.11.4)
    mocha (0.10.5)
      metaclass (~> 0.0.1)
    multi_json (1.0.4)
    purdytest (1.0.0)
      minitest (~> 2.2)
    rack (1.4.1)
    rake (0.9.2.2)
    ripl (0.5.1)
      bond (~> 0.4.0)
    ripl-multi_line (0.3.0)
      ripl (>= 0.3.6)
    yard (0.7.5)

PLATFORMS
  ruby

DEPENDENCIES
  bluecloth
  minitest
  mocha
  purdytest
  rack-webconsole!
  rake
  yard
